PATH
  remote: .
  specs:
    heureka_overeno (0.0.1)

GEM
  remote: https://rubygems.org/
  specs:
    coderay (1.1.2)
    method_source (1.0.0)
    pry (0.13.1)
      coderay (~> 1.1)
      method_source (~> 1.0)

PLATFORMS
  ruby

DEPENDENCIES
  bundler (~> 2.0)
  heureka_overeno!
  pry

RUBY VERSION
   ruby 2.4.1p111

BUNDLED WITH
   2.0.2
